PATH
  remote: .
  specs:
    tic_cat_toe (0.1.0)

GEM
  remote: https://rubygems.org/
  specs:
    minitest (5.11.3)
    rake (10.4.2)

PLATFORMS
  x86-mingw32

DEPENDENCIES
  bundler (~> 2.0)
  minitest (~> 5.0)
  rake (~> 10.0)
  tic_cat_toe!

BUNDLED WITH
   2.0.2
